NUGET
  remote: https://nuget.org/api/v2
  specs:
    NUnit (2.6.4)
